GIT
  remote: git://github.com/adaoraul/rack-jekyll.git
  revision: 6a4b832c5b2350c8c1263b534ebf02135deb6363
  ref: 6a4b832c5b2350c8c1263b534ebf02135deb6363
  specs:
    rack-jekyll (0.4.0)
      jekyll (>= 0.12.0, < 2.0)
      rack (~> 1.5.0)

GIT
  remote: git://github.com/himynameisjonas/fleakr.git
  revision: 2300eb3d915769a1ad76b0d4744c9b53acb01979
  specs:
    fleakr (0.7.1)
      hpricot (>= 0.6.164)
      loggable (>= 0.2.0)

GEM
  remote: https://rubygems.org/
  specs:
    babosa (0.3.10)
    classifier (1.3.3)
      fast-stemmer (>= 1.0.0)
    colorator (0.1)
    commander (4.1.3)
      highline (~> 1.6.11)
    daemons (1.1.9)
    dalli (2.6.3)
    directory_watcher (1.4.1)
    eventmachine (1.0.3)
    eventmachine (1.0.3-x86-mingw32)
    fast-stemmer (1.0.2)
    highline (1.6.19)
    hpricot (0.8.6)
    jekyll (1.0.2)
      classifier (~> 1.3)
      colorator (~> 0.1)
      commander (~> 4.1.3)
      directory_watcher (~> 1.4.1)
      kramdown (~> 1.0.2)
      liquid (~> 2.3)
      maruku (~> 0.5)
      pygments.rb (~> 0.5.0)
      safe_yaml (~> 0.7.0)
    kramdown (1.0.2)
    liquid (2.5.0)
    loggable (0.3.0)
    maruku (0.6.1)
      syntax (>= 1.0.0)
    posix-spawn (0.3.6)
    pygmentize (0.0.3)
    pygments.rb (0.5.0)
      posix-spawn (~> 0.3.6)
      yajl-ruby (~> 1.1.0)
    rack (1.5.2)
    rack-subdomain (0.2.1)
      rack (>= 1.2.0, <= 2.0.0)
    rackables (0.2.0)
    safe_yaml (0.7.1)
    stringex (1.5.1)
    syntax (1.0.0)
    thin (1.3.1)
      daemons (>= 1.0.9)
      eventmachine (>= 0.12.6)
      rack (>= 1.0.0)
    thor (0.18.1)
    yajl-ruby (1.1.0)
    yajl-ruby (1.1.0-x86-mingw32)

PLATFORMS
  ruby
  x86-mingw32

DEPENDENCIES
  babosa
  dalli
  fleakr!
  jekyll (~> 1.0.2)
  pygmentize
  rack-jekyll!
  rack-subdomain
  rackables
  stringex
  thin
  thor
